PATH
  remote: .
  specs:
    rnfe (0.0.1)
      savon (>= 0.9.2)

GEM
  remote: http://rubygems.org/
  specs:
    builder (3.0.0)
    gyoku (0.4.4)
      builder (>= 2.1.2)
    httpi (0.9.4)
      pyu-ntlm-http (>= 0.1.3.1)
      rack
    nokogiri (1.4.4)
    nori (0.2.3)
    pyu-ntlm-http (0.1.3.1)
    rack (1.3.0)
    savon (0.9.2)
      builder (>= 2.1.2)
      gyoku (>= 0.4.0)
      httpi (>= 0.7.8)
      nokogiri (>= 1.4.0)
      nori (>= 0.2.0)

PLATFORMS
  ruby

DEPENDENCIES
  rnfe!
